PATH
  remote: .
  specs:
    rossoc (0.1.0)
      activesupport
      erb
      sql-parser
      thor

GEM
  remote: https://rubygems.org/
  specs:
    activesupport (7.1.3.2)
      base64
      bigdecimal
      concurrent-ruby (~> 1.0, >= 1.0.2)
      connection_pool (>= 2.2.5)
      drb
      i18n (>= 1.6, < 2)
      minitest (>= 5.1)
      mutex_m
      tzinfo (~> 2.0)
    base64 (0.2.0)
    bigdecimal (3.1.7)
    cgi (0.4.1)
    concurrent-ruby (1.2.3)
    connection_pool (2.4.1)
    drb (2.2.1)
    erb (4.0.4)
      cgi (>= 0.3.3)
    i18n (1.14.4)
      concurrent-ruby (~> 1.0)
    minitest (5.22.3)
    mutex_m (0.2.0)
    racc (1.7.3)
    rake (13.2.1)
    sql-parser (0.0.2)
      racc
    thor (1.3.1)
    tzinfo (2.0.6)
      concurrent-ruby (~> 1.0)

PLATFORMS
  ruby
  x86_64-darwin-23

DEPENDENCIES
  rake (~> 13.0)
  rossoc!

BUNDLED WITH
   2.6.0.dev
